PATH
  remote: .
  specs:
    rake-notes (0.2.1)
      colored
      rake

GEM
  remote: https://rubygems.org/
  specs:
    colored (1.2)
    diff-lcs (1.1.3)
    rake (10.1.0)
    rspec (2.11.0)
      rspec-core (~> 2.11.0)
      rspec-expectations (~> 2.11.0)
      rspec-mocks (~> 2.11.0)
    rspec-core (2.11.1)
    rspec-expectations (2.11.3)
      diff-lcs (~> 1.1.3)
    rspec-mocks (2.11.3)

PLATFORMS
  ruby

DEPENDENCIES
  rake-notes!
  rspec

BUNDLED WITH
   1.16.0
